GEM
  remote: https://rubygems.org/
  specs:
    zeitwerk (2.6.6)

PLATFORMS
  x86_64-linux

DEPENDENCIES
  zeitwerk (~> 2.6)

BUNDLED WITH
   2.3.22
